GEM
  remote: https://rubygems.org/
  specs:
    builder (3.2.2)
    childprocess (0.5.5)
      ffi (~> 1.0, >= 1.0.11)
    cucumber (1.3.18)
      builder (>= 2.1.2)
      diff-lcs (>= 1.1.3)
      gherkin (~> 2.12)
      multi_json (>= 1.7.5, < 2.0)
      multi_test (>= 0.1.1)
    diff-lcs (1.2.5)
    ffi (1.9.6-x86-mingw32)
    gherkin (2.12.2-x86-mingw32)
      multi_json (~> 1.3)
    multi_json (1.10.1)
    multi_test (0.1.1)
    rake (10.4.2)
    rspec (3.1.0)
      rspec-core (~> 3.1.0)
      rspec-expectations (~> 3.1.0)
      rspec-mocks (~> 3.1.0)
    rspec-core (3.1.7)
      rspec-support (~> 3.1.0)
    rspec-expectations (3.1.2)
      diff-lcs (>= 1.2.0, < 2.0)
      rspec-support (~> 3.1.0)
    rspec-mocks (3.1.3)
      rspec-support (~> 3.1.0)
    rspec-support (3.1.2)
    rubyzip (1.1.6)
    selenium-webdriver (2.44.0)
      childprocess (~> 0.5)
      multi_json (~> 1.0)
      rubyzip (~> 1.0)
      websocket (~> 1.0)
    watir-webdriver (0.6.11)
      selenium-webdriver (>= 2.18.0)
    websocket (1.2.1)

PLATFORMS
  x86-mingw32

DEPENDENCIES
  cucumber
  rake
  rspec
  selenium-webdriver
  watir-webdriver
